GEM
  remote: https://rubygems.org/
  specs:
    abstract_type (0.0.7)
    adamantium (0.2.0)
      ice_nine (~> 0.11.0)
      memoizable (~> 0.4.0)
    ast (2.4.0)
    axiom-types (0.1.1)
      descendants_tracker (~> 0.0.4)
      ice_nine (~> 0.11.0)
      thread_safe (~> 0.3, >= 0.3.1)
    binding_of_caller (0.8.0)
      debug_inspector (>= 0.0.1)
    byebug (10.0.0)
    codeclimate-engine-rb (0.4.1)
      virtus (~> 1.0)
    coderay (1.1.2)
    coercible (1.0.0)
      descendants_tracker (~> 0.0.1)
    concord (0.1.5)
      adamantium (~> 0.2.0)
      equalizer (~> 0.0.9)
    concurrent-ruby (1.0.5)
    database_cleaner (1.6.2)
    debug_inspector (0.0.3)
    descendants_tracker (0.0.4)
      thread_safe (~> 0.3, >= 0.3.1)
    diff-lcs (1.3)
    dotenv (2.2.1)
    dry-configurable (0.7.0)
      concurrent-ruby (~> 1.0)
    dry-container (0.6.0)
      concurrent-ruby (~> 1.0)
      dry-configurable (~> 0.1, >= 0.1.3)
    dry-core (0.4.3)
      concurrent-ruby (~> 1.0)
    dry-equalizer (0.2.0)
    dry-inflector (0.1.1)
    dry-initializer (2.4.0)
    dry-logic (0.4.2)
      dry-container (~> 0.2, >= 0.2.6)
      dry-core (~> 0.2)
      dry-equalizer (~> 0.2)
    dry-struct (0.4.0)
      dry-core (~> 0.4, >= 0.4.1)
      dry-equalizer (~> 0.2)
      dry-types (~> 0.12, >= 0.12.2)
      ice_nine (~> 0.11)
    dry-types (0.12.2)
      concurrent-ruby (~> 1.0)
      dry-configurable (~> 0.1)
      dry-container (~> 0.3)
      dry-core (~> 0.2, >= 0.2.1)
      dry-equalizer (~> 0.2)
      dry-logic (~> 0.4, >= 0.4.2)
      inflecto (~> 0.0.0, >= 0.0.2)
    equalizer (0.0.11)
    ffi (1.9.18)
    formatador (0.2.5)
    guard (2.14.2)
      formatador (>= 0.2.4)
      listen (>= 2.7, < 4.0)
      lumberjack (>= 1.0.12, < 2.0)
      nenv (~> 0.1)
      notiffany (~> 0.0)
      pry (>= 0.9.12)
      shellany (~> 0.0)
      thor (>= 0.18.1)
    guard-bundler (2.1.0)
      bundler (~> 1.0)
      guard (~> 2.2)
      guard-compat (~> 1.1)
    guard-compat (1.2.1)
    guard-reek (1.2.0)
      guard-compat (~> 1.1)
      reek
    guard-rspec (4.7.3)
      guard (~> 2.1)
      guard-compat (~> 1.1)
      rspec (>= 2.99.0, < 4.0)
    guard-rubocop (1.3.0)
      guard (~> 2.0)
      rubocop (~> 0.20)
    ice_nine (0.11.2)
    inflecto (0.0.2)
    jsonapi-deserializable (0.2.0)
    jsonapi-renderer (0.2.0)
    jsonapi-serializable (0.3.0)
      jsonapi-renderer (~> 0.2.0)
    listen (3.1.5)
      rb-fsevent (~> 0.9, >= 0.9.4)
      rb-inotify (~> 0.9, >= 0.9.7)
      ruby_dep (~> 1.2)
    lumberjack (1.0.12)
    memoizable (0.4.2)
      thread_safe (~> 0.3, >= 0.3.1)
    method_source (0.9.0)
    nenv (0.3.0)
    notiffany (0.1.1)
      nenv (~> 0.1)
      shellany (~> 0.0)
    parallel (1.12.1)
    parser (2.4.0.2)
      ast (~> 2.3)
    pg (1.0.0)
    powerpack (0.1.1)
    proc_to_ast (0.1.0)
      coderay
      parser
      unparser
    procto (0.0.3)
    pry (0.11.3)
      coderay (~> 1.1.0)
      method_source (~> 0.9.0)
    rack (2.0.4)
    rack-test (0.8.2)
      rack (>= 1.0, < 3)
    rainbow (2.2.2)
      rake
    rake (12.3.0)
    rb-fsevent (0.10.2)
    rb-inotify (0.9.10)
      ffi (>= 0.5.0, < 2)
    reek (4.7.3)
      codeclimate-engine-rb (~> 0.4.0)
      parser (>= 2.4.0.0, < 2.5)
      rainbow (~> 2.0)
    roda (3.4.0)
      rack
    rom (4.1.3)
      rom-changeset (~> 1.0, >= 1.0.1)
      rom-core (~> 4.1, >= 4.1.2)
      rom-repository (~> 2.0, >= 2.0.2)
    rom-changeset (1.0.1)
      dry-core (~> 0.3, >= 0.3.1)
      rom-core (~> 4.0)
      transproc (~> 1.0)
    rom-core (4.1.2)
      concurrent-ruby (~> 1.0)
      dry-container (~> 0.6)
      dry-core (~> 0.3)
      dry-equalizer (~> 0.2)
      dry-inflector (~> 0.1)
      dry-initializer (~> 2.0)
      dry-types (~> 0.12, >= 0.12.1)
      rom-mapper (~> 1.1)
    rom-mapper (1.1.0)
      dry-core (~> 0.3, >= 0.3.1)
      dry-equalizer (~> 0.2)
      dry-struct (~> 0.3)
      transproc (~> 1.0)
    rom-repository (2.0.2)
      dry-core (~> 0.3)
      dry-initializer (~> 2.0)
      rom-core (~> 4.0)
    rom-sql (2.3.0)
      dry-core (~> 0.3)
      dry-equalizer (~> 0.2)
      dry-types (~> 0.12, >= 0.12.1)
      rom-core (~> 4.1)
      sequel (>= 4.49)
    rspec (3.7.0)
      rspec-core (~> 3.7.0)
      rspec-expectations (~> 3.7.0)
      rspec-mocks (~> 3.7.0)
    rspec-core (3.7.1)
      rspec-support (~> 3.7.0)
    rspec-expectations (3.7.0)
      diff-lcs (>= 1.2.0, < 2.0)
      rspec-support (~> 3.7.0)
    rspec-mocks (3.7.0)
      diff-lcs (>= 1.2.0, < 2.0)
      rspec-support (~> 3.7.0)
    rspec-parameterized (0.4.0)
      binding_of_caller
      parser
      proc_to_ast
      rspec (>= 2.13, < 4)
      unparser
    rspec-support (3.7.1)
    rubocop (0.52.1)
      parallel (~> 1.10)
      parser (>= 2.4.0.2, < 3.0)
      powerpack (~> 0.1)
      rainbow (>= 2.2.2, < 4.0)
      ruby-progressbar (~> 1.7)
      unicode-display_width (~> 1.0, >= 1.0.1)
    ruby-progressbar (1.9.0)
    ruby_dep (1.5.0)
    sequel (5.5.0)
    shellany (0.0.1)
    terminal-notifier-guard (1.7.0)
    thor (0.20.0)
    thread_safe (0.3.6)
    transproc (1.0.2)
    unicode-display_width (1.3.0)
    unparser (0.2.6)
      abstract_type (~> 0.0.7)
      adamantium (~> 0.2.0)
      concord (~> 0.1.5)
      diff-lcs (~> 1.3)
      equalizer (~> 0.0.9)
      parser (>= 2.3.1.2, < 2.5)
      procto (~> 0.0.2)
    virtus (1.0.5)
      axiom-types (~> 0.1)
      coercible (~> 1.0)
      descendants_tracker (~> 0.0, >= 0.0.3)
      equalizer (~> 0.0, >= 0.0.9)

PLATFORMS
  ruby

DEPENDENCIES
  byebug
  database_cleaner
  dotenv
  dry-struct
  guard
  guard-bundler
  guard-reek
  guard-rspec
  guard-rubocop
  jsonapi-deserializable
  jsonapi-serializable
  pg
  rack
  rack-test
  reek
  roda
  rom
  rom-sql
  rspec
  rspec-parameterized
  rubocop
  sequel
  terminal-notifier-guard

RUBY VERSION
   ruby 2.5.0p0

BUNDLED WITH
   1.16.1
